GEM
  remote: https://rubygems.org/
  specs:
    awesome_print (1.7.0)
    dotenv (2.1.1)
    mini_portile2 (2.1.0)
    tiny_tds (1.0.4)
      mini_portile2 (~> 2.0)

PLATFORMS
  ruby

DEPENDENCIES
  awesome_print
  dotenv
  tiny_tds

BUNDLED WITH
   1.12.5
