GEM
  remote: https://rubygems.org/
  specs:
    awesome_print (1.7.0)
    coderay (1.1.1)
    dotenv (2.1.1)
    highline (1.7.8)
    method_source (0.8.2)
    mini_portile2 (2.1.0)
    pry (0.10.4)
      coderay (~> 1.1.0)
      method_source (~> 0.8.1)
      slop (~> 3.4)
    slop (3.6.0)
    thor (0.19.1)
    tiny_tds (1.0.4)
      mini_portile2 (~> 2.0)

PLATFORMS
  ruby

DEPENDENCIES
  awesome_print
  dotenv
  highline
  pry
  thor
  tiny_tds

BUNDLED WITH
   1.12.5
